GEM
  remote: https://rubygems.org/
  specs:
    addressable (2.4.0)
    babosa (1.0.2)
    badge (0.4.2)
      fastimage (~> 1.6.3)
      fastlane_core (>= 0.44.0, < 1.0.0)
      mini_magick (~> 4.5.1)
    colored (1.2)
    commander (4.4.0)
      highline (~> 1.7.2)
    credentials_manager (0.16.0)
      colored
      commander (>= 4.3.5)
      highline (>= 1.7.1)
      security
    excon (0.45.4)
    fastimage (1.6.8)
      addressable (~> 2.3, >= 2.3.5)
    fastlane_core (0.51.0)
      babosa
      colored
      commander (>= 4.4.0, <= 5.0.0)
      credentials_manager (>= 0.16.0, < 1.0.0)
      excon (~> 0.45.0)
      gh_inspector (>= 1.0.1, < 2.0.0)
      highline (>= 1.7.2)
      json
      multi_json
      plist (~> 3.1)
      rubyzip (~> 1.1.6)
      terminal-table (~> 1.4.5)
    gh_inspector (1.0.2)
    highline (1.7.8)
    json (2.0.2)
    mini_magick (4.5.1)
    multi_json (1.12.1)
    plist (3.2.0)
    rubyzip (1.1.7)
    security (0.1.3)
    terminal-table (1.4.5)

PLATFORMS
  ruby

DEPENDENCIES
  badge

BUNDLED WITH
   1.12.5
